GIT
  remote: git://github.com/BibApp/sword2ruby.git
  revision: 21a5029cbfddb7f407819403421e2b768d0eb2b3
  specs:
    sword2ruby (0.0.6)
      activerecord
      ratom

GIT
  remote: git://github.com/BibApp/tolk.git
  revision: 0d1aab1ab763acf6f3f21643d7bdf7841e9efd43
  branch: rails3
  specs:
    tolk (1.0)
      will_paginate (~> 3.0)
      ya2yaml (~> 0.26)

GIT
  remote: https://github.com/parasew/acts_as_tree.git
  revision: ed52495d1671c99e1add582628403bf8104e9077
  specs:
    acts_as_tree (1.2.3)

GEM
  remote: http://rubygems.org/
  remote: http://gems.github.com/
  specs:
    RedCloth (4.1.9)
    aasm (3.0.3)
      activerecord
    abstract (1.0.0)
    actionmailer (3.0.10)
      actionpack (= 3.0.10)
      mail (~> 2.2.19)
    actionpack (3.0.10)
      activemodel (= 3.0.10)
      activesupport (= 3.0.10)
      builder (~> 2.1.2)
      erubis (~> 2.6.6)
      i18n (~> 0.5.0)
      rack (~> 1.2.1)
      rack-mount (~> 0.6.14)
      rack-test (~> 0.5.7)
      tzinfo (~> 0.3.23)
    activemodel (3.0.10)
      activesupport (= 3.0.10)
      builder (~> 2.1.2)
      i18n (~> 0.5.0)
    activerecord (3.0.10)
      activemodel (= 3.0.10)
      activesupport (= 3.0.10)
      arel (~> 2.0.10)
      tzinfo (~> 0.3.23)
    activeresource (3.0.10)
      activemodel (= 3.0.10)
      activesupport (= 3.0.10)
    activesupport (3.0.10)
    acts_as_list (0.1.5)
    addressable (2.2.4)
    arel (2.0.10)
    authlogic (3.1.0)
      activerecord (>= 3.0.7)
      activerecord (>= 3.0.7)
    authorization (1.0.12)
    builder (2.1.2)
    capistrano (2.11.2)
      highline
      net-scp (>= 1.0.0)
      net-sftp (>= 2.0.0)
      net-ssh (>= 2.0.14)
      net-ssh-gateway (>= 1.1.0)
    cmess (0.1.2.288)
      htmlentities
      ruby-nuggets (>= 0.3.3)
    columnize (0.3.6)
    daemons (1.0.10)
    database_cleaner (0.7.1)
    delayed_job (3.0.1)
      activesupport (~> 3.0)
    delayed_job_active_record (0.3.2)
      activerecord (> 2.1.0)
      delayed_job (~> 3.0.0)
    diff-lcs (1.1.3)
    dynamic_form (1.1.4)
    email_spec (1.2.1)
      mail (~> 2.2)
      rspec (~> 2.0)
    erubis (2.6.6)
      abstract (>= 1.0.0)
    eventmachine (0.12.10)
    factory_girl (2.6.0)
      activesupport (>= 2.3.9)
    faraday (0.6.1)
      addressable (~> 2.2.4)
      multipart-post (~> 1.1.0)
      rack (>= 1.1.0, < 2)
    fastercsv (1.5.4)
    haml (3.1.4)
    highline (1.6.11)
    hpricot (0.8.6)
    htmlentities (4.0.0)
    i18n (0.5.0)
    isbn-tools (0.1.0)
    jquery-rails (1.0.19)
      railties (~> 3.0)
      thor (~> 0.14)
    json (1.6.5)
    libxml-ruby (0.8.3)
    linecache (0.46)
      rbx-require-relative (> 0.0.4)
    loofah (1.2.0)
      nokogiri (>= 1.4.4)
    loofah-activerecord (1.0.0)
      loofah (>= 1.0.0)
    mail (2.2.19)
      activesupport (>= 2.3.6)
      i18n (>= 0.4.0)
      mime-types (~> 1.16)
      treetop (~> 1.4.8)
    make_resourceful (1.0.1)
    mime-types (1.17.2)
    multi_json (1.0.4)
    multi_xml (0.2.2)
    multipart-post (1.1.5)
    namecase (1.1.0)
    net-ldap (0.2.2)
    net-scp (1.0.4)
      net-ssh (>= 1.99.1)
    net-sftp (2.0.5)
      net-ssh (>= 2.0.9)
    net-ssh (2.3.0)
    net-ssh-gateway (1.1.0)
      net-ssh (>= 1.99.1)
    nokogiri (1.4.7)
    oa-basic (0.2.6)
      oa-core (= 0.2.6)
      rest-client (~> 1.6.0)
    oa-core (0.2.6)
    oa-enterprise (0.2.6)
      addressable (= 2.2.4)
      net-ldap (~> 0.2.2)
      nokogiri (~> 1.4.2)
      oa-core (= 0.2.6)
      pyu-ruby-sasl (~> 0.0.3.1)
      rubyntlm (~> 0.1.1)
    oa-more (0.2.6)
      multi_json (~> 1.0.0)
      oa-core (= 0.2.6)
      rest-client (~> 1.6.0)
    oa-oauth (0.2.6)
      faraday (~> 0.6.1)
      multi_json (~> 1.0.0)
      multi_xml (~> 0.2.2)
      oa-core (= 0.2.6)
      oauth (~> 0.4.0)
      oauth2 (~> 0.4.1)
    oa-openid (0.2.6)
      oa-core (= 0.2.6)
      rack-openid (~> 1.3.1)
      ruby-openid-apps-discovery (~> 1.2.0)
    oauth (0.4.5)
    oauth2 (0.4.1)
      faraday (~> 0.6.1)
      multi_json (>= 0.0.5)
    omniauth (0.2.6)
      oa-basic (= 0.2.6)
      oa-core (= 0.2.6)
      oa-enterprise (= 0.2.6)
      oa-more (= 0.2.6)
      oa-oauth (= 0.2.6)
      oa-openid (= 0.2.6)
    pg (0.13.2)
    polyglot (0.3.3)
    pyu-ruby-sasl (0.0.3.3)
    rack (1.2.5)
    rack-mount (0.6.14)
      rack (>= 1.0.0)
    rack-openid (1.3.1)
      rack (>= 1.1.0)
      ruby-openid (>= 2.1.8)
    rack-test (0.5.7)
      rack (>= 1.0)
    rails (3.0.10)
      actionmailer (= 3.0.10)
      actionpack (= 3.0.10)
      activerecord (= 3.0.10)
      activeresource (= 3.0.10)
      activesupport (= 3.0.10)
      bundler (~> 1.0)
      railties (= 3.0.10)
    rails-i18n (0.4.0)
      i18n (~> 0.5)
    railties (3.0.10)
      actionpack (= 3.0.10)
      activesupport (= 3.0.10)
      rake (>= 0.8.7)
      rdoc (~> 3.4)
      thor (~> 0.14.4)
    rake (0.9.2.2)
    ratom (0.5.2)
      libxml-ruby (>= 0.8.0)
    rbx-require-relative (0.0.9)
    rcov (1.0.0)
    rdoc (3.12)
      json (~> 1.4)
    rest-client (1.6.7)
      mime-types (>= 1.16)
    rspec (2.8.0)
      rspec-core (~> 2.8.0)
      rspec-expectations (~> 2.8.0)
      rspec-mocks (~> 2.8.0)
    rspec-core (2.8.0)
    rspec-expectations (2.8.0)
      diff-lcs (~> 1.1.2)
    rspec-mocks (2.8.0)
    rspec-rails (2.8.1)
      actionpack (>= 3.0)
      activesupport (>= 3.0)
      railties (>= 3.0)
      rspec (~> 2.8.0)
    ruby-debug (0.10.4)
      columnize (>= 0.1)
      ruby-debug-base (~> 0.10.4.0)
    ruby-debug-base (0.10.4)
      linecache (>= 0.3)
    ruby-debug-ide (0.4.16)
      rake (>= 0.8.1)
    ruby-nuggets (0.8.5)
    ruby-openid (2.1.8)
    ruby-openid-apps-discovery (1.2.0)
      ruby-openid (>= 2.1.7)
    rubyntlm (0.1.1)
    rubyzip (0.9.6.1)
    shoulda (3.0.0)
      shoulda-context (~> 1.0.0)
      shoulda-matchers (~> 1.0.0)
    shoulda-context (1.0.0)
    shoulda-matchers (1.0.0)
    silent-postgres (0.1.1)
    solr-ruby (0.0.8)
    sort_alphabetical (0.1.3)
      activesupport
    thin (1.3.1)
      daemons (>= 1.0.9)
      eventmachine (>= 0.12.6)
      rack (>= 1.0.0)
    thor (0.14.6)
    treetop (1.4.10)
      polyglot
      polyglot (>= 0.3.1)
    tzinfo (0.3.31)
    will_paginate (3.0.3)
    ya2yaml (0.31)
    yaml_db (0.2.2)

PLATFORMS
  ruby

DEPENDENCIES
  RedCloth (~> 4.1.9)
  aasm
  acts_as_list
  acts_as_tree (~> 1.2.3)!
  authlogic
  authorization
  capistrano
  cmess (~> 0.1.2)
  daemons (~> 1.0.10)
  database_cleaner
  delayed_job
  delayed_job_active_record
  dynamic_form
  email_spec
  factory_girl
  fastercsv
  haml
  hpricot (~> 0.6)
  htmlentities (~> 4.0.0)
  isbn-tools (~> 0.1.0)
  jquery-rails
  libxml-ruby (~> 0.8.3)
  loofah-activerecord
  make_resourceful
  namecase (~> 1.1.0)
  net-ldap
  nokogiri (~> 1.4.0)
  omniauth (~> 0.2)
  pg
  rails (= 3.0.10)
  rails-i18n
  rake
  rcov
  rspec
  rspec-rails
  ruby-debug
  ruby-debug-base
  ruby-debug-ide
  rubyzip (~> 0.9.1)
  shoulda
  silent-postgres
  solr-ruby (~> 0.0.6)
  sort_alphabetical
  sword2ruby (>= 0.0.6)!
  thin
  tolk!
  will_paginate (~> 3.0.beta)
  yaml_db
