GIT
  remote: https://github.com/parasew/acts_as_tree.git
  revision: ed52495d1671c99e1add582628403bf8104e9077
  specs:
    acts_as_tree (1.2.3)

GEM
  remote: http://rubygems.org/
  remote: http://gems.github.com/
  specs:
    RedCloth (4.1.9)
    abstract (1.0.0)
    actionmailer (3.0.1)
      actionpack (= 3.0.1)
      mail (~> 2.2.5)
    actionpack (3.0.1)
      activemodel (= 3.0.1)
      activesupport (= 3.0.1)
      builder (~> 2.1.2)
      erubis (~> 2.6.6)
      i18n (~> 0.4.1)
      rack (~> 1.2.1)
      rack-mount (~> 0.6.12)
      rack-test (~> 0.5.4)
      tzinfo (~> 0.3.23)
    activemodel (3.0.1)
      activesupport (= 3.0.1)
      builder (~> 2.1.2)
      i18n (~> 0.4.1)
    activerecord (3.0.1)
      activemodel (= 3.0.1)
      activesupport (= 3.0.1)
      arel (~> 1.0.0)
      tzinfo (~> 0.3.23)
    activeresource (3.0.1)
      activemodel (= 3.0.1)
      activesupport (= 3.0.1)
    activesupport (3.0.1)
    acts_as_list (0.1.2)
    arel (1.0.1)
      activesupport (~> 3.0.0)
    authlogic (2.1.6)
      activesupport
    authorization (1.0.12)
    builder (2.1.2)
    cmess (0.1.2.288)
      htmlentities
      ruby-nuggets (>= 0.3.3)
    columnize (0.3.2)
    daemons (1.0.10)
    delayed_job (2.1.4)
      activesupport (~> 3.0)
      daemons
    diff-lcs (1.1.2)
    erubis (2.6.6)
      abstract (>= 1.0.0)
    eventmachine (0.12.10)
    factory_girl (1.3.3)
    haml (3.0.25)
    hpricot (0.8.3)
    htmlentities (4.0.0)
    i18n (0.4.2)
    isbn-tools (0.1.0)
    libxml-ruby (0.8.3)
    linecache (0.43)
    mail (2.2.15)
      activesupport (>= 2.3.6)
      i18n (>= 0.4.0)
      mime-types (~> 1.16)
      treetop (~> 1.4.8)
    mime-types (1.16)
    namecase (1.1.0)
    pg (0.10.1)
    polyglot (0.3.1)
    rack (1.2.1)
    rack-mount (0.6.13)
      rack (>= 1.0.0)
    rack-test (0.5.7)
      rack (>= 1.0)
    rails (3.0.1)
      actionmailer (= 3.0.1)
      actionpack (= 3.0.1)
      activerecord (= 3.0.1)
      activeresource (= 3.0.1)
      activesupport (= 3.0.1)
      bundler (~> 1.0.0)
      railties (= 3.0.1)
    railties (3.0.1)
      actionpack (= 3.0.1)
      activesupport (= 3.0.1)
      rake (>= 0.8.4)
      thor (~> 0.14.0)
    rake (0.8.7)
    rcov (0.9.9)
    rspec (2.5.0)
      rspec-core (~> 2.5.0)
      rspec-expectations (~> 2.5.0)
      rspec-mocks (~> 2.5.0)
    rspec-core (2.5.1)
    rspec-expectations (2.5.0)
      diff-lcs (~> 1.1.2)
    rspec-mocks (2.5.0)
    rspec-rails (2.5.0)
      actionpack (~> 3.0)
      activesupport (~> 3.0)
      railties (~> 3.0)
      rspec (~> 2.5.0)
    ruby-debug (0.10.4)
      columnize (>= 0.1)
      ruby-debug-base (~> 0.10.4.0)
    ruby-debug-base (0.10.4)
      linecache (>= 0.3)
    ruby-debug-ide (0.4.16)
      rake (>= 0.8.1)
    ruby-net-ldap (0.0.4)
    ruby-nuggets (0.6.9)
    rubyist-aasm (2.0.7)
    rubyzip (0.9.4)
    shoulda (2.11.3)
    solr-ruby (0.0.8)
    thin (1.2.7)
      daemons (>= 1.0.9)
      eventmachine (>= 0.12.6)
      rack (>= 1.0.0)
    thor (0.14.6)
    treetop (1.4.9)
      polyglot (>= 0.3.1)
    tzinfo (0.3.24)
    will_paginate (3.0.pre2)
    yaml_db (0.2.0)

PLATFORMS
  ruby

DEPENDENCIES
  RedCloth (~> 4.1.9)
  acts_as_list
  acts_as_tree (~> 1.2.3)!
  authlogic
  authorization
  cmess (~> 0.1.2)
  daemons (~> 1.0.10)
  delayed_job
  factory_girl
  haml
  hpricot (~> 0.6)
  htmlentities (~> 4.0.0)
  isbn-tools (~> 0.1.0)
  libxml-ruby (~> 0.8.3)
  namecase (~> 1.1.0)
  pg
  rails (= 3.0.1)
  rcov
  rspec
  rspec-rails
  ruby-debug
  ruby-debug-base
  ruby-debug-ide
  ruby-net-ldap (~> 0.0.4)
  rubyist-aasm (~> 2.0.2)
  rubyzip (~> 0.9.1)
  shoulda
  solr-ruby (~> 0.0.6)
  thin
  will_paginate (= 3.0.pre2)
  yaml_db
