GEM
  remote: http://rubygems.org/
  remote: http://gems.github.com/
  specs:
    RedCloth (4.1.9)
    actionmailer (2.3.10)
      actionpack (= 2.3.10)
    actionpack (2.3.10)
      activesupport (= 2.3.10)
      rack (~> 1.1.0)
    activerecord (2.3.10)
      activesupport (= 2.3.10)
    activeresource (2.3.10)
      activesupport (= 2.3.10)
    activesupport (2.3.10)
    cmess (0.1.2.288)
      htmlentities
      ruby-nuggets (>= 0.3.3)
    columnize (0.3.2)
    daemons (1.0.10)
    eventmachine (0.12.10)
    factory_girl (1.3.3)
    haml (3.0.25)
    hpricot (0.8.3)
    htmlentities (4.0.0)
    isbn-tools (0.1.0)
    libxml-ruby (0.8.3)
    linecache (0.43)
    mislav-will_paginate (2.3.11)
    namecase (1.1.0)
    pg (0.10.1)
    rack (1.1.0)
    rails (2.3.10)
      actionmailer (= 2.3.10)
      actionpack (= 2.3.10)
      activerecord (= 2.3.10)
      activeresource (= 2.3.10)
      activesupport (= 2.3.10)
      rake (>= 0.8.3)
    rake (0.8.7)
    rcov (0.9.9)
    rspec (1.3.1)
    rspec-rails (1.3.3)
      rack (>= 1.0.0)
      rspec (= 1.3.1)
    ruby-debug (0.10.4)
      columnize (>= 0.1)
      ruby-debug-base (~> 0.10.4.0)
    ruby-debug-base (0.10.4)
      linecache (>= 0.3)
    ruby-debug-ide (0.4.16)
      rake (>= 0.8.1)
    ruby-net-ldap (0.0.4)
    ruby-nuggets (0.6.7)
    rubyist-aasm (2.0.7)
    rubyzip (0.9.4)
    shoulda (2.11.3)
    solr-ruby (0.0.8)
    thin (1.2.7)
      daemons (>= 1.0.9)
      eventmachine (>= 0.12.6)
      rack (>= 1.0.0)

PLATFORMS
  ruby

DEPENDENCIES
  RedCloth (~> 4.1.9)
  cmess (~> 0.1.2)
  daemons (~> 1.0.10)
  factory_girl (~> 1.3.3)
  haml (>= 2.2.3)
  hpricot (~> 0.6)
  htmlentities (~> 4.0.0)
  isbn-tools (~> 0.1.0)
  libxml-ruby (~> 0.8.3)
  mislav-will_paginate (~> 2.3.2)
  namecase (~> 1.1.0)
  pg
  rails (= 2.3.10)
  rcov (~> 0.9.9)
  rspec (~> 1.3.1)
  rspec-rails (~> 1.3.3)
  ruby-debug
  ruby-debug-base
  ruby-debug-ide
  ruby-net-ldap (~> 0.0.4)
  rubyist-aasm (~> 2.0.2)
  rubyzip (~> 0.9.1)
  shoulda (~> 2.11.3)
  solr-ruby (~> 0.0.6)
  thin
