GEM
  remote: http://rubygems.org/
  remote: http://gems.github.com/
  specs:
    RedCloth (4.1.9)
    actionmailer (2.3.4)
      actionpack (= 2.3.4)
    actionpack (2.3.4)
      activesupport (= 2.3.4)
      rack (~> 1.0.0)
    activerecord (2.3.4)
      activesupport (= 2.3.4)
    activeresource (2.3.4)
      activesupport (= 2.3.4)
    activesupport (2.3.4)
    cmess (0.1.2.288)
      htmlentities
      ruby-nuggets (>= 0.3.3)
    daemons (1.0.10)
    eventmachine (0.12.10)
    factory_girl (1.3.3)
    haml (3.0.24)
    hpricot (0.8.3)
    htmlentities (4.0.0)
    isbn-tools (0.1.0)
    libxml-ruby (0.8.3)
    mislav-will_paginate (2.3.11)
    namecase (1.1.0)
    pg (0.10.0)
    rack (1.0.1)
    rails (2.3.4)
      actionmailer (= 2.3.4)
      actionpack (= 2.3.4)
      activerecord (= 2.3.4)
      activeresource (= 2.3.4)
      activesupport (= 2.3.4)
      rake (>= 0.8.3)
    rake (0.8.7)
    rcov (0.9.9)
    rspec (1.3.1)
    rspec-rails (1.3.3)
      rack (>= 1.0.0)
      rspec (= 1.3.1)
    ruby-net-ldap (0.0.4)
    ruby-nuggets (0.6.3)
    rubyist-aasm (2.0.7)
    rubyzip (0.9.4)
    shoulda (2.11.3)
    solr-ruby (0.0.8)
    thin (1.2.7)
      daemons (>= 1.0.9)
      eventmachine (>= 0.12.6)
      rack (>= 1.0.0)

PLATFORMS
  ruby

DEPENDENCIES
  RedCloth (~> 4.1.9)
  cmess (~> 0.1.2)
  daemons (~> 1.0.10)
  factory_girl (~> 1.3.3)
  haml (>= 2.2.3)
  hpricot (~> 0.6)
  htmlentities (~> 4.0.0)
  isbn-tools (~> 0.1.0)
  libxml-ruby (~> 0.8.3)
  mislav-will_paginate (~> 2.3.2)
  namecase (~> 1.1.0)
  pg
  rails (= 2.3.4)
  rcov (~> 0.9.9)
  rspec (~> 1.3.1)
  rspec-rails (~> 1.3.3)
  ruby-net-ldap (~> 0.0.4)
  rubyist-aasm (~> 2.0.2)
  rubyzip (~> 0.9.1)
  shoulda (~> 2.11.3)
  solr-ruby (~> 0.0.6)
  thin
